PATH
  remote: .
  specs:
    sass (3.3.0.alpha.0)
      listen (~> 1.1.0)

GEM
  remote: http://rubygems.org/
  specs:
    ffi (1.9.0)
    ffi (1.9.0-java)
    listen (1.1.6)
      rb-fsevent (>= 0.9.3)
      rb-inotify (>= 0.9)
      rb-kqueue (>= 0.2)
    maruku (0.6.1)
      syntax (>= 1.0.0)
    rake (10.1.0)
    rb-fsevent (0.9.3)
    rb-inotify (0.9.2)
      ffi (>= 0.5.0)
    rb-kqueue (0.2.0)
      ffi (>= 0.5.0)
    syntax (1.0.0)
    yard (0.8.7.2)

PLATFORMS
  java
  ruby

DEPENDENCIES
  maruku (>= 0.5.9)
  rake
  sass!
  yard (>= 0.5.3)
