PATH
  remote: .
  specs:
    sass (3.3.0.alpha.0)
      listen (~> 1.1.0)

GEM
  remote: http://rubygems.org/
  specs:
    ast (1.1.0)
    ffi (1.9.0)
    ffi (1.9.0-java)
    listen (1.1.6)
      rb-fsevent (>= 0.9.3)
      rb-inotify (>= 0.9)
      rb-kqueue (>= 0.2)
    maruku (0.6.1)
      syntax (>= 1.0.0)
    parser (2.0.0.pre8)
      ast (~> 1.1)
      slop (~> 3.4, >= 3.4.5)
    powerpack (0.0.8)
    rainbow (1.1.4)
    rake (10.0.4)
    rb-fsevent (0.9.3)
    rb-inotify (0.9.0)
      ffi (>= 0.5.0)
    rb-kqueue (0.2.0)
      ffi (>= 0.5.0)
    rubocop (0.13.1)
      parser (~> 2.0.0.pre6)
      powerpack (~> 0.0.6)
      rainbow (>= 1.1.4)
    slop (3.4.6)
    syntax (1.0.0)
    yard (0.8.6.2)

PLATFORMS
  java
  ruby

DEPENDENCIES
  maruku (>= 0.5.9)
  rake
  rubocop
  sass!
  yard (>= 0.5.3)
